GEM
  remote: https://rubygems.org/
  specs:
    json (1.8.3)

PLATFORMS
  ruby

DEPENDENCIES
  json (>= 1.8.3)

BUNDLED WITH
   1.10.6
